GEM
  remote: http://rubygems.org/
  specs:
    metaclass (0.0.1)
    mocha (0.12.7)
      metaclass (~> 0.0.1)
    rake (0.9.2.2)

PLATFORMS
  ruby

DEPENDENCIES
  mocha
  rake
